GEM
  remote: https://rubygems.org/
  specs:
    mustermann (1.0.1)
    puma (3.11.2)
    rack (2.0.3)
    rack-parser (0.7.0)
      rack
    rack-protection (2.0.0)
      rack
    sinatra (2.0.0)
      mustermann (~> 1.0)
      rack (~> 2.0)
      rack-protection (= 2.0.0)
      tilt (~> 2.0)
    sinatra-cross_origin (0.4.0)
    tilt (2.0.8)

PLATFORMS
  ruby

DEPENDENCIES
  puma (~> 3.11, >= 3.11.2)
  rack-parser (~> 0.7.0)
  sinatra (~> 2.0)
  sinatra-cross_origin (~> 0.4.0)

BUNDLED WITH
   1.16.1
